{
  "AcquisitionMatrixPE":  64,
  "AcquisitionNumber":  1,
  "AcquisitionTime":"16:32:30.240000",
  "BandwidthPerPixelPhaseEncode":  15.625,
  "BaseResolution":  64,
  "BodyPartExamined":"BRAIN",
  "ConsistencyInfo":"N4_VE11C_LATEST_20160120",
  "ConversionSoftware":"dcm2niix",
  "ConversionSoftwareVersion":"v1.0.20190410  GCC6.3.0",
  "DerivedVendorReportedEchoSpacing":  0.0005,
  "DeviceSerialNumber":"167001",
  "DwellTime":  3.4e-06,
  "EchoTime":  0.013,
  "EchoTrainLength":  48,
  "EffectiveEchoSpacing":  0.0005,
  "FlipAngle":  90,
  "ImageOrientationPatientDICOM":[
    0.998792,
    -0.0457407,
    -0.0179388,
    0.0471019,
    0.995292,
    0.0847107
  ],
  "ImageType":[
"ORIGINAL",
"PRIMARY",
"FMRI",
"NONE",
"ND",
"MOSAIC"
  ],
  "ImagingFrequency":  123.229,
  "InPlanePhaseEncodingDirectionDICOM":"COL",
  "InstitutionAddress":"Cooper_60_St._Lucia_QLD_AU_4072",
  "InstitutionName":"St_Lucia_Campus",
  "InstitutionalDepartmentName":"Gehrmann_Labs_MRI",
  "Interpolation2D":  1,
  "LabelOffset":  90,
  "MRAcquisitionType":"2D",
  "MagneticFieldStrength":  3,
  "Manufacturer":"Siemens",
  "ManufacturersModelName":"Prisma_fit",
  "MeanGzx10":  6,
  "Modality":"MR",
  "NumRFBlocks":  82,
  "PartialFourier":  0.75,
  "PatientPosition":"HFS",
  "PercentPhaseFOV":  100,
  "PhaseEncodingDirection":"j-",
  "PhaseEncodingSteps":  48,
  "PhaseResolution":  1,
  "PhiAdjust":  100,
  "PixelBandwidth":  2300,
  "PostLabelDelay":  1.5,
  "ProcedureStepDescription":"Research_16092_QTAB",
  "ProtocolName":"ep2d_pcasl_ve11c",
  "PulseSequenceDetails":"%CustomerSeq%_ep2d_pcasl_ve11c",
  "RFGap":  3.6e-10,
  "ReceiveCoilActiveElements":"HC1-6",
  "ReceiveCoilName":"HeadNeck_64",
  "ReconMatrixPE":  128,
  "RepetitionTime":  4.8,
  "SAR":  0.209481,
  "ScanOptions":"PFP_FS",
  "ScanningSequence":"EP",
  "SequenceName":"epfid2d1_64",
  "SequenceVariant":"SK",
  "SeriesDescription":"ep2d_pcasl_ve11c",
  "SeriesNumber":  21,
  "ShimSetting":[
    3024,
    -4126,
    -776,
    354,
    -105,
    42,
    -171,
    -21
  ],
  "SliceThickness":  4,
  "SliceTiming":[
    0,
    0.0425,
    0.085,
    0.13,
    0.1725,
    0.215,
    0.26,
    0.3025,
    0.345,
    0.39,
    0.4325,
    0.475,
    0.52,
    0.5625,
    0.6075,
    0.65,
    0.6925,
    0.7375,
    0.78,
    0.8225,
    0.8675,
    0.91,
    0.9525,
    0.9975
  ],
  "SoftwareVersions":"syngo_MR_E11",
  "SpacingBetweenSlices":  5,
  "StationName":"mrc_Trio",
  "TotalReadoutTime":  0.0635,
  "TxRefAmp":  215.796,
  "ArterialSpinLabelingType":"PCASL",
  "PostLabelingDelay":  1.5,
  "LabelingDuration":  1.5,
  "BackgroundSuppression":  true,
  "M0Type":"Included",
  "TotalAcquiredPairs":  15,
  "RepetitionTimePreparation":  4.8,
  "VascularCrushing":  false,
  "AcquisitionVoxelSize":[
    1.7,
    1.7,
    4
  ]
}
