{
  "AcquisitionMatrixPE":  64,
  "AcquisitionNumber":  1,
  "AcquisitionTime":"10:49:23.360000",
  "BandwidthPerPixelPhaseEncode":  15.625,
  "BaseResolution":  64,
  "BodyPartExamined":"BRAIN",
  "ConsistencyInfo":"N4_VE11C_LATEST_20160120",
  "ConversionSoftware":"dcm2niix",
  "ConversionSoftwareVersion":"v1.0.20190410  GCC6.3.0",
  "DerivedVendorReportedEchoSpacing":  0.0005,
  "DeviceSerialNumber":"167001",
  "DwellTime":  3.4e-06,
  "EchoTime":  0.013,
  "EchoTrainLength":  48,
  "EffectiveEchoSpacing":  0.0005,
  "FlipAngle":  90,
  "ImageOrientationPatientDICOM":[
    0.999156,
    -0.0395296,
    -0.0111692,
    0.0383837,
    0.995304,
    -0.0888679
  ],
  "ImageType":[
"ORIGINAL",
"PRIMARY",
"FMRI",
"NONE",
"ND",
"MOSAIC"
  ],
  "ImagingFrequency":  123.229,
  "InPlanePhaseEncodingDirectionDICOM":"COL",
  "InstitutionAddress":"Cooper_60_St._Lucia_QLD_AU_4072",
  "InstitutionName":"St_Lucia_Campus",
  "InstitutionalDepartmentName":"Gehrmann_Labs_MRI",
  "Interpolation2D":  1,
  "LabelOffset":  90,
  "MRAcquisitionType":"2D",
  "MagneticFieldStrength":  3,
  "Manufacturer":"Siemens",
  "ManufacturersModelName":"Prisma_fit",
  "MeanGzx10":  6,
  "Modality":"MR",
  "NumRFBlocks":  82,
  "PartialFourier":  0.75,
  "PatientPosition":"HFS",
  "PercentPhaseFOV":  100,
  "PhaseEncodingDirection":"j-",
  "PhaseEncodingSteps":  48,
  "PhaseResolution":  1,
  "PhiAdjust":  100,
  "PixelBandwidth":  2300,
  "PostLabelDelay":  1.5,
  "ProcedureStepDescription":"Research_16092_QTAB",
  "ProtocolName":"ep2d_pcasl_ve11c",
  "PulseSequenceDetails":"%CustomerSeq%_ep2d_pcasl_ve11c",
  "RFGap":  3.6e-10,
  "ReceiveCoilActiveElements":"HC1-6",
  "ReceiveCoilName":"HeadNeck_64",
  "ReconMatrixPE":  128,
  "RepetitionTime":  4.8,
  "SAR":  0.262403,
  "ScanOptions":"PFP_FS",
  "ScanningSequence":"EP",
  "SequenceName":"epfid2d1_64",
  "SequenceVariant":"SK",
  "SeriesDescription":"ep2d_pcasl_ve11c",
  "SeriesNumber":  22,
  "ShimSetting":[
    3055,
    -4181,
    -791,
    345,
    11,
    162,
    -25,
    -17
  ],
  "SliceThickness":  4,
  "SliceTiming":[
    0,
    0.045,
    0.0875,
    0.13,
    0.175,
    0.2175,
    0.2625,
    0.305,
    0.3475,
    0.3925,
    0.435,
    0.4775,
    0.5225,
    0.565,
    0.6075,
    0.6525,
    0.695,
    0.74,
    0.7825,
    0.825,
    0.87,
    0.9125,
    0.955,
    1
  ],
  "SoftwareVersions":"syngo_MR_E11",
  "SpacingBetweenSlices":  5,
  "StationName":"mrc_Trio",
  "TotalReadoutTime":  0.0635,
  "TxRefAmp":  207.664,
  "ArterialSpinLabelingType":"PCASL",
  "PostLabelingDelay":  1.5,
  "LabelingDuration":  1.5,
  "BackgroundSuppression":  true,
  "M0Type":"Included",
  "TotalAcquiredPairs":  15,
  "RepetitionTimePreparation":  4.8,
  "VascularCrushing":  false,
  "AcquisitionVoxelSize":[
    1.7,
    1.7,
    4
  ]
}
