{
  "AcquisitionMatrixPE": 300,
  "AcquisitionNumber": 1,
  "AcquisitionTime": "15:12:35.845000",
  "BaseResolution": 320,
  "BodyPartExamined": "BRAIN",
  "CoilString": "HC1-7;NC1_2",
  "ConsistencyInfo": "N4_VE11C_LATEST_20160120",
  "ConversionSoftware": "dcm2niix",
  "ConversionSoftwareVersion": "v1.0.20190410  GCC6.3.0",
  "DeviceSerialNumber": "167001",
  "DiffusionScheme": "Bipolar",
  "DwellTime": 6.6e-06,
  "EchoTime": 0.00303,
  "FlipAngle": 7,
  "ImageOrientationPatientDICOM": [0.0430858, 0.998681, 0.027917, -0.0168968, 0.0286674, -0.999446],
  "ImageType": [
    "ORIGINAL",
    "PRIMARY",
    "M",
    "NORM",
    "DIS3D",
    "DIS2D",
    "FM",
    "FIL"
],
  "ImagingFrequency": 123.229,
  "InPlanePhaseEncodingDirectionDICOM": "ROW",
  "InstitutionAddress": "Cooper_60_St._Lucia_QLD_AU_4072",
  "InstitutionName": "St_Lucia_Campus",
  "InstitutionalDepartmentName": "Gehrmann_Labs_MRI",
  "InversionTime": 2.22,
  "MRAcquisitionType": "3D",
  "MagneticFieldStrength": 3,
  "Manufacturer": "Siemens",
  "ManufacturersModelName": "Prisma_fit",
  "Modality": "MR",
  "PartialFourier": 0.75,
  "PatientPosition": "HFS",
  "PercentPhaseFOV": 93.75,
  "PhaseEncodingSteps": 226,
  "PhaseResolution": 1,
  "PixelBandwidth": 235,
  "ProcedureStepDescription": "Research_16092_QTAB",
  "ProtocolName": "MP2RAGE_wip925B_VE11C-0p8mm",
  "PulseSequenceDetails": "%CustomerSeq%_cstfl_wip925b",
  "ReceiveCoilActiveElements": "HC1-7;NC1,2",
  "ReceiveCoilName": "HeadNeck_64",
  "ReconMatrixPE": 300,
  "RefLinesPE": 24,
  "RepetitionTime": 4,
  "SAR": 0.0367673,
  "ScanOptions": "IR_PFP",
  "ScanningSequence": "GR_IR",
  "SequenceName": "WIP_cmp3d1_16ns",
  "SequenceVariant": "SK_SP_MP",
  "SeriesDescription": "MP2RAGE_wip925B_VE11C-0p8mm_INV2",
  "SeriesNumber": 6,
  "ShimSetting": [3042, -4198, -816, -2, 0, -194, -50, -4],
  "SliceThickness": 0.8,
  "SoftwareVersions": "syngo_MR_E11",
  "StationName": "mrc_Trio",
  "TxRefAmp": 206.414,
  "WipMemBlock": "WIP_Identifier: WIP#925B"
}