{
  "AcquisitionMatrixPE": 90,
  "AcquisitionNumber": 1,
  "AcquisitionTime": "15:42:42.777500",
  "BandwidthPerPixelPhaseEncode": 18.519,
  "BaseResolution": 90,
  "BodyPartExamined": "BRAIN",
  "ConsistencyInfo": "N4_VE11C_LATEST_20160120",
  "ConversionSoftware": "dcm2niix",
  "ConversionSoftwareVersion": "v1.0.20190410  GCC6.3.0",
  "DerivedVendorReportedEchoSpacing": 0.000599984,
  "DeviceSerialNumber": "167001",
  "DwellTime": 2.6e-06,
  "EchoTime": 0.063,
  "EchoTrainLength": 90,
  "EffectiveEchoSpacing": 0.000599984,
  "FlipAngle": 90,
  "ImageOrientationPatientDICOM": [0.999865, -0.0164054, -1.2e-14, 0.0164054, 0.999865, 2.35e-13],
  "ImageType": [
    "ORIGINAL",
    "PRIMARY",
    "M",
    "ND",
    "NORM"
],
  "ImagingFrequency": 123.229,
  "InPlanePhaseEncodingDirectionDICOM": "COL",
  "InstitutionAddress": "Cooper_60_St._Lucia_QLD_AU_4072",
  "InstitutionName": "CAI",
  "InstitutionalDepartmentName": "Gehrmann_Labs_MRI",
  "MRAcquisitionType": "2D",
  "MagneticFieldStrength": 3,
  "Manufacturer": "Siemens",
  "ManufacturersModelName": "Prisma_fit",
  "Modality": "MR",
  "PartialFourier": 1,
  "PatientPosition": "HFS",
  "PercentPhaseFOV": 100,
  "PhaseEncodingDirection": "j-",
  "PhaseEncodingSteps": 90,
  "PhaseResolution": 1,
  "PixelBandwidth": 2135,
  "ProcedureStepDescription": "Research_16092_QTAB",
  "ProtocolName": "AP_PR_EP2D_SE_FMAP",
  "PulseSequenceDetails": "%SiemensSeq%_ep2d_se",
  "ReceiveCoilActiveElements": "HC1-6",
  "ReceiveCoilName": "HeadNeck_64",
  "ReconMatrixPE": 90,
  "RepetitionTime": 6.35,
  "SAR": 0.143757,
  "ScanOptions": "FS",
  "ScanningSequence": "EP",
  "SequenceName": "_epse2d1_90",
  "SequenceVariant": "SK_SP",
  "SeriesDescription": "AP_PR_EP2D_SE_FMAP",
  "SeriesNumber": 18,
  "ShimSetting": [3049, -4145, -797, 99, -76, 7, -69, -7],
  "SliceThickness": 2.4,
  "SoftwareVersions": "syngo_MR_E11",
  "SpacingBetweenSlices": 2.4,
  "StationName": "mrc_Trio",
  "TotalReadoutTime": 0.0533986,
  "TxRefAmp": 215.364,
  "VendorReportedEchoSpacing": 0.0006}