{
  "AcquisitionMatrixPE": 90,
  "AcquisitionNumber": 1,
  "AcquisitionTime": "14:20:28.010000",
  "BandwidthPerPixelPhaseEncode": 21.368,
  "BaseResolution": 90,
  "BodyPartExamined": "BRAIN",
  "CoilString": "HC1-7;NC1_2",
  "ConsistencyInfo": "N4_VE11C_LATEST_20160120",
  "ConversionSoftware": "dcm2niix",
  "ConversionSoftwareVersion": "v1.0.20190410  GCC6.3.0",
  "DerivedVendorReportedEchoSpacing": 0.000519988,
  "DeviceSerialNumber": "167001",
  "DwellTime": 2.2e-06,
  "EchoTime": 0.03,
  "EchoTrainLength": 90,
  "EffectiveEchoSpacing": 0.000519988,
  "FlipAngle": 52,
  "ImageOrientationPatientDICOM": [0.999864, 0.0032439, 0.0161464, 0.00052356, 0.973653, -0.228034],
  "ImageType": [
    "ORIGINAL",
    "PRIMARY",
    "M",
    "ND",
    "NORM",
    "MOSAIC"
],
  "ImagingFrequency": 123.229,
  "InPlanePhaseEncodingDirectionDICOM": "COL",
  "InstitutionAddress": "Cooper_60_St._Lucia_QLD_AU_4072",
  "InstitutionName": "St_Lucia_Campus",
  "InstitutionalDepartmentName": "Gehrmann_Labs_MRI",
  "MRAcquisitionType": "2D",
  "MagneticFieldStrength": 3,
  "Manufacturer": "Siemens",
  "ManufacturersModelName": "Prisma_fit",
  "Modality": "MR",
  "MultibandAccelerationFactor": 6,
  "PartialFourier": 1,
  "PatientPosition": "HFS",
  "PercentPhaseFOV": 100,
  "PhaseEncodingDirection": "j-",
  "PhaseEncodingSteps": 90,
  "PhaseResolution": 1,
  "PixelBandwidth": 2525,
  "ProcedureStepDescription": "Research_16092_QTAB",
  "ProtocolName": "PARTLY_CLOUDY_mb6_2.4",
  "PulseSequenceDetails": "%SiemensSeq%_ep2d_bold",
  "ReceiveCoilActiveElements": "HC1-7;NC1,2",
  "ReceiveCoilName": "HeadNeck_64",
  "ReconMatrixPE": 90,
  "RefLinesPE": 12,
  "RepetitionTime": 0.8,
  "SAR": 0.0820774,
  "ScanOptions": "FS",
  "ScanningSequence": "EP",
  "SequenceName": "_epfid2d1_90",
  "SequenceVariant": "SK",
  "SeriesDescription": "PARTLY_CLOUDY_mb6_2.4",
  "SeriesNumber": 19,
  "ShimSetting": [3040, -4195, -834, 615, 8, 15, -58, -32],
  "SliceThickness": 2.4,
  "SliceTiming": [0.545, 0, 0.39, 0.0775, 0.4675, 0.2325, 0.6225, 0.31, 0.7, 0.155, 0.545, 0, 0.39, 0.0775, 0.4675, 0.2325, 0.6225, 0.31, 0.7, 0.155, 0.545, 0, 0.39, 0.0775, 0.4675, 0.2325, 0.6225, 0.31, 0.7, 0.155, 0.545, 0, 0.39, 0.0775, 0.4675, 0.2325, 0.6225, 0.31, 0.7, 0.155, 0.545, 0, 0.39, 0.0775, 0.4675, 0.2325, 0.6225, 0.31, 0.7, 0.155, 0.545, 0, 0.39, 0.0775, 0.4675, 0.2325, 0.6225, 0.31, 0.7, 0.155],
  "SoftwareVersions": "syngo_MR_E11",
  "SpacingBetweenSlices": 2.4,
  "StationName": "mrc_Trio",
  "TaskName": "partlycloudy",
  "TotalReadoutTime": 0.046279,
  "TxRefAmp": 211.923}