{
  "AcquisitionMatrixPE":  64,
  "AcquisitionNumber":  1,
  "AcquisitionTime":"10:54:55.412500",
  "BandwidthPerPixelPhaseEncode":  15.625,
  "BaseResolution":  64,
  "BodyPartExamined":"BRAIN",
  "ConsistencyInfo":"N4_VE11C_LATEST_20160120",
  "ConversionSoftware":"dcm2niix",
  "ConversionSoftwareVersion":"v1.0.20190410  GCC6.3.0",
  "DerivedVendorReportedEchoSpacing":  0.0005,
  "DeviceSerialNumber":"167001",
  "DwellTime":  3.4e-06,
  "EchoTime":  0.013,
  "EchoTrainLength":  48,
  "EffectiveEchoSpacing":  0.0005,
  "FlipAngle":  90,
  "ImageOrientationPatientDICOM":[
    0.995142,
    -0.07679,
    -0.0616089,
    0.0765719,
    0.997047,
    -0.00589539
  ],
  "ImageType":[
"ORIGINAL",
"PRIMARY",
"M",
"ND",
"MOSAIC"
  ],
  "ImagingFrequency":  123.229,
  "InPlanePhaseEncodingDirectionDICOM":"COL",
  "InstitutionAddress":"Cooper_60_St._Lucia_QLD_AU_4072",
  "InstitutionName":"St_Lucia_Campus",
  "InstitutionalDepartmentName":"Gehrmann_Labs_MRI",
  "Interpolation2D":  1,
  "MRAcquisitionType":"2D",
  "MagneticFieldStrength":  3,
  "Manufacturer":"Siemens",
  "ManufacturersModelName":"Prisma_fit",
  "Modality":"MR",
  "PartialFourier":  0.75,
  "PatientPosition":"HFS",
  "PercentPhaseFOV":  100,
  "PhaseEncodingDirection":"j-",
  "PhaseEncodingSteps":  48,
  "PhaseResolution":  1,
  "PixelBandwidth":  2300,
  "ProcedureStepDescription":"Research_16092_QTAB",
  "ProtocolName":"ep2d_bold_M0_FOR_VE11C",
  "PulseSequenceDetails":"%SiemensSeq%_ep2d_bold",
  "ReceiveCoilActiveElements":"HC1-7",
  "ReceiveCoilName":"HeadNeck_64",
  "ReconMatrixPE":  128,
  "RepetitionTime":  8,
  "SAR":  0.0190023,
  "ScanOptions":"PFP_FS",
  "ScanningSequence":"EP",
  "SequenceName":"_epfid2d1_64",
  "SequenceVariant":"SK",
  "SeriesDescription":"ep2d_bold_M0_FOR_VE11C",
  "SeriesNumber":  30,
  "ShimSetting":[
    3018,
    -4173,
    -785,
    404,
    -79,
    -228,
    -54,
    24
  ],
  "SliceThickness":  4,
  "SliceTiming":[
    0,
    0.33,
    0.6625,
    0.995,
    1.3275,
    1.66,
    1.9925,
    2.325,
    2.6575,
    2.99,
    3.3225,
    3.655,
    3.9875,
    4.32,
    4.6525,
    4.985,
    5.3175,
    5.65,
    5.9825,
    6.315,
    6.6475,
    6.98,
    7.3125,
    7.645
  ],
  "SoftwareVersions":"syngo_MR_E11",
  "SpacingBetweenSlices":  5,
  "StationName":"mrc_Trio",
  "TotalReadoutTime":  0.0635,
  "TxRefAmp":  211.272,
  "RepetitionTimePreparation":  8,
  "AcquisitionVoxelSize":[
    1.7,
    1.7,
    4
  ]
}
