{
  "AcquisitionMatrixPE":  64,
  "AcquisitionNumber":  1,
  "AcquisitionTime":"11:51:26.822500",
  "BandwidthPerPixelPhaseEncode":  15.625,
  "BaseResolution":  64,
  "BodyPartExamined":"BRAIN",
  "ConsistencyInfo":"N4_VE11C_LATEST_20160120",
  "ConversionSoftware":"dcm2niix",
  "ConversionSoftwareVersion":"v1.0.20181125  (JP2:OpenJPEG) GCC6.3.0",
  "DerivedVendorReportedEchoSpacing":  0.0005,
  "DeviceSerialNumber":"167001",
  "DwellTime":  3.4e-06,
  "EchoTime":  0.013,
  "EchoTrainLength":  48,
  "EffectiveEchoSpacing":  0.0005,
  "FlipAngle":  90,
  "ImageOrientationPatientDICOM":[
    0.997968,
    -0.0627437,
    -0.0111235,
    0.0619125,
    0.996045,
    -0.0637304
  ],
  "ImageType":[
"ORIGINAL",
"PRIMARY",
"ASL",
"NONE",
"ND",
"NORM",
"MOSAIC"
  ],
  "ImagingFrequency":  123.229,
  "InPlanePhaseEncodingDirectionDICOM":"COL",
  "InstitutionAddress":"Cooper_60_St._Lucia_QLD_AU_4072",
  "InstitutionName":"St_Lucia_Campus",
  "InstitutionalDepartmentName":"Gehrmann_Labs_MRI",
  "Interpolation2D":  1,
  "MRAcquisitionType":"2D",
  "MagneticFieldStrength":  3,
  "Manufacturer":"Siemens",
  "ManufacturersModelName":"Prisma_fit",
  "Modality":"MR",
  "PartialFourier":  0.75,
  "PatientPosition":"HFS",
  "PercentPhaseFOV":  100,
  "PhaseEncodingDirection":"j-",
  "PhaseEncodingSteps":  48,
  "PhaseResolution":  1,
  "PixelBandwidth":  2300,
  "ProcedureStepDescription":"Research_16092_QTAB",
  "ProtocolName":"ep2d_asl_873_PCASL_1530",
  "PulseSequenceDetails":"%CustomerSeq%_ep2d_asl_873",
  "ReceiveCoilActiveElements":"HC1-7",
  "ReceiveCoilName":"HeadNeck_64",
  "ReconMatrixPE":  128,
  "RepetitionTime":  4.8,
  "SAR":  0.317503,
  "ScanOptions":"PFP_SAT1_FS",
  "ScanningSequence":"EP",
  "SequenceName":"ep873B2d1_64",
  "SequenceVariant":"SK",
  "SeriesDescription":"ep2d_asl_873_PCASL_1530",
  "SeriesNumber":  20,
  "ShimSetting":[
    3031,
    -4182,
    -808,
    324,
    39,
    184,
    14,
    22
  ],
  "SliceThickness":  4,
  "SliceTiming":[
    0,
    0.045,
    0.0875,
    0.1325,
    0.175,
    0.22,
    0.2625,
    0.3075,
    0.35,
    0.3925,
    0.4375,
    0.48,
    0.525,
    0.5675,
    0.6125,
    0.655,
    0.7,
    0.7425,
    0.785,
    0.83,
    0.8725,
    0.9175,
    0.96,
    1.005
  ],
  "SoftwareVersions":"syngo_MR_E11",
  "SpacingBetweenSlices":  5,
  "StationName":"mrc_Trio",
  "TotalReadoutTime":  0.0635,
  "TxRefAmp":  208.795,
  "WipMemBlock":"WIP873B_Adv2DASL_VE11C_V4.3: Advanced 2D ASL, PCASL/FAIR-QII-FBIRN w/ Phsyiologging - V4.3 (Thu Nov 17 08:45:55 2016)",
  "ArterialSpinLabelingType":"PCASL",
  "PostLabelingDelay":  1.5,
  "LabelingDuration":  1.5,
  "BackgroundSuppression":  true,
  "M0Type":"Included",
  "TotalAcquiredPairs":  15,
  "RepetitionTimePreparation":  4.8,
  "VascularCrushing":  false,
  "AcquisitionVoxelSize":[
    1.7,
    1.7,
    4
  ]
}
