{
  "AcquisitionMatrixPE": 256,
  "AcquisitionNumber": 1,
  "AcquisitionTime": "16:51:19.800000",
  "BaseResolution": 256,
  "BodyPartExamined": "BRAIN",
  "ConsistencyInfo": "N4_VE11C_LATEST_20160120",
  "ConversionSoftware": "dcm2niix",
  "ConversionSoftwareVersion": "v1.0.20171215 GCC6.3.0",
  "DeviceSerialNumber": "167001",
  "DwellTime": 2.6e-06,
  "EchoTime": 0.408,
  "EchoTrainLength": 259,
  "FlipAngle": 120,
  "ImageOrientationPatientDICOM": [-0.00137026, 0.999999, 1.19729e-09, -0.00861439, -1.18028e-05, -0.999963],
  "ImageType": [
    "ORIGINAL",
    "PRIMARY",
    "M",
    "ND",
    "NORM"
],
  "InPlanePhaseEncodingDirectionDICOM": "ROW",
  "InstitutionAddress": "Cooper_60_St._Lucia_QLD_AU_4072",
  "InstitutionName": "St_Lucia_Campus",
  "InstitutionalDepartmentName": "Gehrmann_Labs_MRI",
  "MRAcquisitionType": "3D",
  "MagneticFieldStrength": 3,
  "Manufacturer": "Siemens",
  "ManufacturersModelName": "Prisma_fit",
  "Modality": "MR",
  "ParallelReductionFactorInPlane": 2,
  "PartialFourier": 1,
  "PatientPosition": "HFS",
  "PercentPhaseFOV": 100,
  "PhaseEncodingSteps": 233,
  "PhaseResolution": 1,
  "PixelBandwidth": 750,
  "ProcedureStepDescription": "Research_16092_QTAB",
  "ProtocolName": "t2_spc_sag_p2_iso",
  "PulseSequenceDetails": "%SiemensSeq%_tse_vfl",
  "ReceiveCoilActiveElements": "HC1-7;NC1",
  "ReceiveCoilName": "HeadNeck_64",
  "ReconMatrixPE": 256,
  "RepetitionTime": 3.2,
  "SAR": 0.179895,
  "ScanOptions": "PFP",
  "ScanningSequence": "SE",
  "SequenceName": "_spcR_282ns",
  "SequenceVariant": "SK_SP",
  "SeriesDescription": "t2_spc_sag_p2_iso",
  "SeriesNumber": 19,
  "ShimSetting": [3045, -4172, -1048, 3, -5, 36, -4, -10],
  "SliceThickness": 1,
  "SoftwareVersions": "syngo_MR_E11",
  "StationName": "mrc_Trio",
  "TxRefAmp": 207.655}