{
  "AcquisitionMatrixPE": 384,
  "AcquisitionNumber": 1,
  "AcquisitionTime": "11:50:49.745000",
  "BaseResolution": 384,
  "BodyPartExamined": "BRAIN",
  "ConsistencyInfo": "N4_VE11C_LATEST_20160120",
  "ConversionSoftware": "dcm2niix",
  "ConversionSoftwareVersion": "v1.0.20190410  GCC6.3.0",
  "DeviceSerialNumber": "167001",
  "DwellTime": 3.9e-06,
  "EchoTime": 0.067,
  "EchoTrainLength": 13,
  "FlipAngle": 150,
  "ImageOrientationPatientDICOM": [0.998557, -0.00149061, 0.0536855, 0.0453469, 0.558983, -0.827938],
  "ImageType": [
    "ORIGINAL",
    "PRIMARY",
    "M",
    "ND"
],
  "ImagingFrequency": 123.229,
  "InPlanePhaseEncodingDirectionDICOM": "ROW",
  "InstitutionAddress": "Cooper_60_St._Lucia_QLD_AU_4072",
  "InstitutionName": "St_Lucia_Campus",
  "InstitutionalDepartmentName": "Gehrmann_Labs_MRI",
  "Interpolation2D": 1,
  "MRAcquisitionType": "2D",
  "MagneticFieldStrength": 3,
  "Manufacturer": "Siemens",
  "ManufacturersModelName": "Prisma_fit",
  "Modality": "MR",
  "PartialFourier": 1,
  "PatientPosition": "HFS",
  "PercentPhaseFOV": 100,
  "PhaseEncodingDirection": "i",
  "PhaseEncodingSteps": 390,
  "PhaseResolution": 1,
  "PixelBandwidth": 335,
  "ProcedureStepDescription": "Research_16092_QTAB",
  "ProtocolName": "t2_tse_cor_0.5X0.5X1mm",
  "PulseSequenceDetails": "%SiemensSeq%_tse",
  "ReceiveCoilActiveElements": "HC1-7;NC1",
  "ReceiveCoilName": "HeadNeck_64",
  "ReconMatrixPE": 768,
  "RepetitionTime": 9.23,
  "SAR": 0.299533,
  "ScanningSequence": "SE",
  "SequenceName": "_tse2d1_13",
  "SequenceVariant": "SK_SP_OSP",
  "SeriesDescription": "t2_tse_cor_0.5X0.5X1mm",
  "SeriesNumber": 15,
  "ShimSetting": [3046, -4168, -1041, -17, -5, 41, -30, -10],
  "SliceThickness": 1,
  "SoftwareVersions": "syngo_MR_E11",
  "SpacingBetweenSlices": 1,
  "StationName": "mrc_Trio",
  "TxRefAmp": 209.367}