{
  "AcquisitionMatrixPE": 174,
  "AcquisitionNumber": 1,
  "AcquisitionTime": "11:52:26.762500",
  "BaseResolution": 192,
  "BodyPartExamined": "BRAIN",
  "CoilString": "HC1-7;NC1_2",
  "ConsistencyInfo": "N4_VE11C_LATEST_20160120",
  "ConversionSoftware": "dcm2niix",
  "ConversionSoftwareVersion": "v1.0.20181125  (JP2:OpenJPEG) GCC6.3.0",
  "DeviceSerialNumber": "167001",
  "DwellTime": 2.17e-05,
  "EchoTime": 0.02,
  "FlipAngle": 15,
  "ImageOrientationPatientDICOM": [0.996474, -0.0799664, -0.0253971, 0.0733513, 0.977248, -0.199013],
  "ImageType": [
    "ORIGINAL",
    "PRIMARY",
    "MNIP",
    "ND",
    "NORM"
],
  "ImagingFrequency": 123.229,
  "InPlanePhaseEncodingDirectionDICOM": "ROW",
  "InstitutionAddress": "Cooper_60_St._Lucia_QLD_AU_4072",
  "InstitutionName": "St_Lucia_Campus",
  "InstitutionalDepartmentName": "Gehrmann_Labs_MRI",
  "MRAcquisitionType": "3D",
  "MagneticFieldStrength": 3,
  "Manufacturer": "Siemens",
  "ManufacturersModelName": "Prisma_fit",
  "Modality": "MR",
  "PartialFourier": 1,
  "PatientPosition": "HFS",
  "PercentPhaseFOV": 90.625,
  "PhaseEncodingSteps": 174,
  "PhaseResolution": 1,
  "PixelBandwidth": 120,
  "ProcedureStepDescription": "Research_16092_QTAB",
  "ProtocolName": "t2_swi3d_tra_p2",
  "PulseSequenceDetails": "%SiemensSeq%_gre",
  "ReceiveCoilActiveElements": "HC1-7;NC1,2",
  "ReceiveCoilName": "HeadNeck_64",
  "ReconMatrixPE": 192,
  "RepetitionTime": 0.027,
  "SAR": 0.0122901,
  "ScanningSequence": "GR",
  "SequenceName": "_swi3d1r",
  "SequenceVariant": "SP",
  "SeriesDescription": "mIP_Images(SW)",
  "SeriesNumber": 30,
  "ShimSetting": [3036, -4146, -800, 536, -2, 280, -11, 22],
  "SliceThickness": 16,
  "SoftwareVersions": "syngo_MR_E11",
  "StationName": "mrc_Trio",
  "TxRefAmp": 209.093}