{
  "AcquisitionMatrixPE": 104,
  "AcquisitionNumber": 1,
  "AcquisitionTime": "09:53:45.265000",
  "BandwidthPerPixelPhaseEncode": 17.17,
  "BaseResolution": 104,
  "BodyPartExamined": "BRAIN",
  "ConsistencyInfo": "N4_VE11C_LATEST_20160120",
  "ConversionSoftware": "dcm2niix",
  "ConversionSoftwareVersion": "v1.0.20171215 GCC6.3.0",
  "DerivedVendorReportedEchoSpacing": 0.000560011,
  "DeviceSerialNumber": "167001",
  "DwellTime": 2.1e-06,
  "EchoTime": 0.03,
  "EchoTrainLength": 91,
  "EffectiveEchoSpacing": 0.000560011,
  "FlipAngle": 52,
  "ImageOrientationPatientDICOM": [0.997798, 0.0357582, -0.0558549, -0.0477531, 0.9718, -0.230922],
  "ImageType": [
    "ORIGINAL",
    "PRIMARY",
    "M",
    "ND",
    "MOSAIC"
],
  "InPlanePhaseEncodingDirectionDICOM": "COL",
  "InstitutionAddress": "Cooper_60_St._Lucia_QLD_AU_4072",
  "InstitutionName": "St_Lucia_Campus",
  "InstitutionalDepartmentName": "Gehrmann_Labs_MRI",
  "MRAcquisitionType": "2D",
  "MagneticFieldStrength": 3,
  "Manufacturer": "Siemens",
  "ManufacturersModelName": "Prisma_fit",
  "Modality": "MR",
  "MultibandAccelerationFactor": 6,
  "PartialFourier": 0.875,
  "PatientPosition": "HFS",
  "PercentPhaseFOV": 100,
  "PhaseEncodingDirection": "j-",
  "PhaseEncodingSteps": 91,
  "PhaseResolution": 1,
  "PixelBandwidth": 2290,
  "ProcedureStepDescription": "Research_16092_QTAB",
  "ProtocolName": "ep2d_REST_SMS6_A-P",
  "PulseSequenceDetails": "%SiemensSeq%_ep2d_bold",
  "ReceiveCoilActiveElements": "HC1-7;NC1,2",
  "ReceiveCoilName": "HeadNeck_64",
  "ReconMatrixPE": 104,
  "RepetitionTime": 0.93,
  "SAR": 0.0600438,
  "ScanOptions": "PFP_FS",
  "ScanningSequence": "EP",
  "SequenceName": "_epfid2d1_104",
  "SequenceVariant": "SK",
  "SeriesDescription": "ep2d_REST_SMS6_A-P",
  "SeriesNumber": 9,
  "ShimSetting": [3025, -4155, -764, 513, 36, 103, 41, 0],
  "SliceThickness": 2,
  "SliceTiming": [0.6825, 0, 0.455, 0.075, 0.53, 0.15, 0.605, 0.3025, 0.7575, 0.3775, 0.8325, 0.2275, 0.6825, 0, 0.455, 0.075, 0.53, 0.15, 0.605, 0.3025, 0.7575, 0.3775, 0.8325, 0.2275, 0.6825, 0, 0.455, 0.075, 0.53, 0.15, 0.605, 0.3025, 0.7575, 0.3775, 0.8325, 0.2275, 0.6825, 0, 0.455, 0.075, 0.53, 0.15, 0.605, 0.3025, 0.7575, 0.3775, 0.8325, 0.2275, 0.6825, 0, 0.455, 0.075, 0.53, 0.15, 0.605, 0.3025, 0.7575, 0.3775, 0.8325, 0.2275, 0.6825, 0, 0.455, 0.075, 0.53, 0.15, 0.605, 0.3025, 0.7575, 0.3775, 0.8325, 0.2275],
  "SoftwareVersions": "syngo_MR_E11",
  "SpacingBetweenSlices": 2,
  "StationName": "mrc_Trio",
  "TaskName": "rest",
  "TotalReadoutTime": 0.0576811,
  "TxRefAmp": 213.23}