{
  "AcquisitionMatrixPE": 174,
  "AcquisitionNumber": 1,
  "AcquisitionTime": "11:55:7.610000",
  "BaseResolution": 192,
  "BodyPartExamined": "BRAIN",
  "CoilString": "HC1-7;NC1_2",
  "ConsistencyInfo": "N4_VE11C_LATEST_20160120",
  "ConversionSoftware": "dcm2niix",
  "ConversionSoftwareVersion": "v1.0.20190410  GCC6.3.0",
  "DeviceSerialNumber": "167001",
  "DwellTime": 2.17e-05,
  "EchoTime": 0.02,
  "FlipAngle": 15,
  "ImageOrientationPatientDICOM": [0.994661, 0.0994399, -0.0275785, -0.100157, 0.994633, -0.025971],
  "ImageType": [
    "ORIGINAL",
    "PRIMARY",
    "MNIP",
    "ND",
    "NORM"
],
  "ImagingFrequency": 123.229,
  "InPlanePhaseEncodingDirectionDICOM": "ROW",
  "InstitutionAddress": "Cooper_60_St._Lucia_QLD_AU_4072",
  "InstitutionName": "St_Lucia_Campus",
  "InstitutionalDepartmentName": "Gehrmann_Labs_MRI",
  "MRAcquisitionType": "3D",
  "MagneticFieldStrength": 3,
  "Manufacturer": "Siemens",
  "ManufacturersModelName": "Prisma_fit",
  "Modality": "MR",
  "PartialFourier": 1,
  "PatientPosition": "HFS",
  "PercentPhaseFOV": 90.625,
  "PhaseEncodingSteps": 174,
  "PhaseResolution": 1,
  "PixelBandwidth": 120,
  "ProcedureStepDescription": "Research_16092_QTAB",
  "ProtocolName": "t2_swi3d_tra_p2",
  "PulseSequenceDetails": "%SiemensSeq%_gre",
  "ReceiveCoilActiveElements": "HC1-7;NC1,2",
  "ReceiveCoilName": "HeadNeck_64",
  "ReconMatrixPE": 174,
  "RefLinesPE": 24,
  "RepetitionTime": 0.027,
  "SAR": 0.0119934,
  "ScanningSequence": "GR",
  "SequenceName": "_swi3d1r",
  "SequenceVariant": "SP",
  "SeriesDescription": "mIP_Images(SW)",
  "SeriesNumber": 29,
  "ShimSetting": [3025, -4166, -771, 232, -20, 3, 61, 29],
  "SliceThickness": 16,
  "SoftwareVersions": "syngo_MR_E11",
  "StationName": "mrc_Trio",
  "TxRefAmp": 229.159}