{
  "AcquisitionMatrixPE": 256,
  "AcquisitionNumber": 1,
  "AcquisitionTime": "15:06:58.740000",
  "BaseResolution": 256,
  "BodyPartExamined": "BRAIN",
  "CoilString": "HC1-7;NC1_2",
  "ConsistencyInfo": "N4_VE11C_LATEST_20160120",
  "ConversionSoftware": "dcm2niix",
  "ConversionSoftwareVersion": "v1.0.20181125  (JP2:OpenJPEG) GCC6.3.0",
  "DeviceSerialNumber": "167001",
  "DwellTime": 2.6e-06,
  "EchoTime": 0.408,
  "EchoTrainLength": 259,
  "FlipAngle": 120,
  "ImageOrientationPatientDICOM": [-0.0145363, 0.99973, 0.018116, 0.0613753, 0.0189758, -0.997934],
  "ImageType": [
    "ORIGINAL",
    "PRIMARY",
    "M",
    "ND",
    "NORM"
],
  "ImagingFrequency": 123.229,
  "InPlanePhaseEncodingDirectionDICOM": "ROW",
  "InstitutionAddress": "Cooper_60_St._Lucia_QLD_AU_4072",
  "InstitutionName": "St_Lucia_Campus",
  "InstitutionalDepartmentName": "Gehrmann_Labs_MRI",
  "MRAcquisitionType": "3D",
  "MagneticFieldStrength": 3,
  "Manufacturer": "Siemens",
  "ManufacturersModelName": "Prisma_fit",
  "Modality": "MR",
  "PartialFourier": 1,
  "PatientPosition": "HFS",
  "PercentPhaseFOV": 100,
  "PhaseEncodingSteps": 233,
  "PhaseResolution": 1,
  "PixelBandwidth": 750,
  "ProcedureStepDescription": "Research_16092_QTAB",
  "ProtocolName": "t2_spc_sag_p2_iso",
  "PulseSequenceDetails": "%SiemensSeq%_tse_vfl",
  "ReceiveCoilActiveElements": "HC1-7;NC1,2",
  "ReceiveCoilName": "HeadNeck_64",
  "ReconMatrixPE": 256,
  "RepetitionTime": 3.2,
  "SAR": 0.188285,
  "ScanOptions": "PFP",
  "ScanningSequence": "SE",
  "SequenceName": "_spcR_282ns",
  "SequenceVariant": "SK_SP",
  "SeriesDescription": "t2_spc_sag_p2_iso",
  "SeriesNumber": 19,
  "ShimSetting": [3044, -4172, -1039, -11, -3, 35, -21, -13],
  "SliceThickness": 1,
  "SoftwareVersions": "syngo_MR_E11",
  "StationName": "mrc_Trio",
  "TxRefAmp": 214.021}