{
  "AcquisitionMatrixPE": 122,
  "AcquisitionNumber": 1,
  "AcquisitionTime": "11:20:53.087500",
  "BandwidthPerPixelPhaseEncode": 28.265,
  "BaseResolution": 122,
  "BodyPartExamined": "BRAIN",
  "ConsistencyInfo": "N4_VE11C_LATEST_20160120",
  "ConversionSoftware": "dcm2niix",
  "ConversionSoftwareVersion": "v1.0.20171215 GCC6.3.0",
  "DerivedVendorReportedEchoSpacing": 0.000579991,
  "DeviceSerialNumber": "167001",
  "DwellTime": 1.8e-06,
  "EchoTime": 0.07,
  "EchoTrainLength": 46,
  "EffectiveEchoSpacing": 0.000289995,
  "FlipAngle": 90,
  "ImageOrientationPatientDICOM": [0.996513, 0.0572127, -0.0607413, -0.063743, 0.991699, -0.111669],
  "ImageType": [
    "ORIGINAL",
    "PRIMARY",
    "DIFFUSION",
    "NONE",
    "ND",
    "NORM",
    "MOSAIC"
],
  "InPlanePhaseEncodingDirectionDICOM": "COL",
  "InstitutionAddress": "Cooper_60_St._Lucia_QLD_AU_4072",
  "InstitutionName": "St_Lucia_Campus",
  "InstitutionalDepartmentName": "Gehrmann_Labs_MRI",
  "MRAcquisitionType": "2D",
  "MagneticFieldStrength": 3,
  "Manufacturer": "Siemens",
  "ManufacturersModelName": "Prisma_fit",
  "Modality": "MR",
  "MultibandAccelerationFactor": 2,
  "ParallelReductionFactorInPlane": 2,
  "PartialFourier": 0.75,
  "PatientPosition": "HFS",
  "PercentPhaseFOV": 100,
  "PhaseEncodingDirection": "j",
  "PhaseEncodingSteps": 92,
  "PhaseResolution": 1,
  "PixelBandwidth": 2275,
  "ProcedureStepDescription": "Research_16092_QTAB",
  "ProtocolName": "PA_MULTIBAND_BLOCK_2_DIFFUSION_22DIR_mono",
  "PulseSequenceDetails": "%SiemensSeq%_ep2d_diff",
  "ReceiveCoilActiveElements": "HC1-6",
  "ReceiveCoilName": "HeadNeck_64",
  "ReconMatrixPE": 122,
  "RepetitionTime": 3.8,
  "SAR": 0.285592,
  "ScanOptions": "PFP_FS",
  "ScanningSequence": "EP",
  "SequenceName": "_ep_b0",
  "SequenceVariant": "SK_SP",
  "SeriesDescription": "PA_MULTIBAND_BLOCK_2_DIFFUSION_22DIR_mono",
  "SeriesNumber": 14,
  "ShimSetting": [3028, -4146, -789, 337, 72, 152, -6, 5],
  "SliceThickness": 2,
  "SliceTiming": [2.7775, 0, 1.89, 0.11, 2, 0.2225, 2.1125, 0.3325, 2.2225, 0.445, 2.335, 0.555, 2.445, 0.6675, 2.5575, 0.7775, 2.6675, 1, 2.89, 1.11, 3, 1.2225, 3.1125, 1.3325, 3.2225, 1.445, 3.335, 1.555, 3.445, 1.6675, 3.5575, 1.7775, 3.6675, 0.89, 2.7775, 0, 1.89, 0.11, 2, 0.2225, 2.1125, 0.3325, 2.2225, 0.445, 2.335, 0.555, 2.445, 0.6675, 2.5575, 0.7775, 2.6675, 1, 2.89, 1.11, 3, 1.2225, 3.1125, 1.3325, 3.2225, 1.445, 3.335, 1.555, 3.445, 1.6675, 3.5575, 1.7775, 3.6675, 0.89],
  "SoftwareVersions": "syngo_MR_E11",
  "SpacingBetweenSlices": 2,
  "StationName": "mrc_Trio",
  "TotalReadoutTime": 0.0350894,
  "TxRefAmp": 211.464}