{
  "AcquisitionMatrixPE": 104,
  "AcquisitionNumber": 1,
  "AcquisitionTime": "09:42:49.887500",
  "BandwidthPerPixelPhaseEncode": 17.17,
  "BaseResolution": 104,
  "BodyPartExamined": "BRAIN",
  "CoilString": "HC1-7;NC1_2",
  "ConsistencyInfo": "N4_VE11C_LATEST_20160120",
  "ConversionSoftware": "dcm2niix",
  "ConversionSoftwareVersion": "v1.0.20190410  GCC6.3.0",
  "DerivedVendorReportedEchoSpacing": 0.000560011,
  "DeviceSerialNumber": "167001",
  "DwellTime": 2.1e-06,
  "EchoTime": 0.03,
  "EchoTrainLength": 91,
  "EffectiveEchoSpacing": 0.000560011,
  "FlipAngle": 52,
  "ImageOrientationPatientDICOM": [0.999872, 0.0127304, -0.00970189, -0.0148345, 0.964675, -0.263025],
  "ImageType": [
    "ORIGINAL",
    "PRIMARY",
    "M",
    "ND",
    "MOSAIC"
],
  "ImagingFrequency": 123.229,
  "InPlanePhaseEncodingDirectionDICOM": "COL",
  "InstitutionAddress": "Cooper_60_St._Lucia_QLD_AU_4072",
  "InstitutionName": "St_Lucia_Campus",
  "InstitutionalDepartmentName": "Gehrmann_Labs_MRI",
  "MRAcquisitionType": "2D",
  "MagneticFieldStrength": 3,
  "Manufacturer": "Siemens",
  "ManufacturersModelName": "Prisma_fit",
  "Modality": "MR",
  "MultibandAccelerationFactor": 6,
  "PartialFourier": 0.875,
  "PatientPosition": "HFS",
  "PercentPhaseFOV": 100,
  "PhaseEncodingDirection": "j-",
  "PhaseEncodingSteps": 91,
  "PhaseResolution": 1,
  "PixelBandwidth": 2290,
  "ProcedureStepDescription": "Research_16092_QTAB",
  "ProtocolName": "ep2d_REST_SMS6_A-P",
  "PulseSequenceDetails": "%SiemensSeq%_ep2d_bold",
  "ReceiveCoilActiveElements": "HC1-7;NC1,2",
  "ReceiveCoilName": "HeadNeck_64",
  "ReconMatrixPE": 104,
  "RefLinesPE": 12,
  "RepetitionTime": 0.93,
  "SAR": 0.0575569,
  "ScanOptions": "PFP_FS",
  "ScanningSequence": "EP",
  "SequenceName": "_epfid2d1_104",
  "SequenceVariant": "SK",
  "SeriesDescription": "ep2d_REST_SMS6_A-P",
  "SeriesNumber": 9,
  "ShimSetting": [3056, -4176, -774, 423, -7, -45, -16, -13],
  "SliceThickness": 2,
  "SliceTiming": [0.6825, 0, 0.455, 0.0775, 0.5325, 0.1525, 0.6075, 0.305, 0.76, 0.38, 0.835, 0.2275, 0.6825, 0, 0.455, 0.0775, 0.5325, 0.1525, 0.6075, 0.305, 0.76, 0.38, 0.835, 0.2275, 0.6825, 0, 0.455, 0.0775, 0.5325, 0.1525, 0.6075, 0.305, 0.76, 0.38, 0.835, 0.2275, 0.6825, 0, 0.455, 0.0775, 0.5325, 0.1525, 0.6075, 0.305, 0.76, 0.38, 0.835, 0.2275, 0.6825, 0, 0.455, 0.0775, 0.5325, 0.1525, 0.6075, 0.305, 0.76, 0.38, 0.835, 0.2275, 0.6825, 0, 0.455, 0.0775, 0.5325, 0.1525, 0.6075, 0.305, 0.76, 0.38, 0.835, 0.2275],
  "SoftwareVersions": "syngo_MR_E11",
  "SpacingBetweenSlices": 2,
  "StationName": "mrc_Trio",
  "TaskName": "rest",
  "TotalReadoutTime": 0.0576811,
  "TxRefAmp": 237.464}