{
  "AcquisitionMatrixPE": 174,
  "AcquisitionNumber": 1,
  "AcquisitionTime": "12:14:3.012500",
  "BaseResolution": 192,
  "BodyPartExamined": "BRAIN",
  "CoilString": "HC1-7;NC1_2",
  "ConsistencyInfo": "N4_VE11C_LATEST_20160120",
  "ConversionSoftware": "dcm2niix",
  "ConversionSoftwareVersion": "v1.0.20190410  GCC6.3.0",
  "DeviceSerialNumber": "167001",
  "DwellTime": 2.17e-05,
  "EchoTime": 0.02,
  "FlipAngle": 15,
  "ImageOrientationPatientDICOM": [0.998399, 0.00781651, -0.056019, -0.0121984, 0.996854, -0.0783109],
  "ImageType": [
    "ORIGINAL",
    "PRIMARY",
    "P",
    "ND"
],
  "ImagingFrequency": 123.229,
  "InPlanePhaseEncodingDirectionDICOM": "ROW",
  "InstitutionAddress": "Cooper_60_St._Lucia_QLD_AU_4072",
  "InstitutionName": "Centre_for_Advanced_Imaging",
  "InstitutionalDepartmentName": "Gehrmann_Labs_MRI",
  "MRAcquisitionType": "3D",
  "MagneticFieldStrength": 3,
  "Manufacturer": "Siemens",
  "ManufacturersModelName": "Prisma_fit",
  "Modality": "MR",
  "PartialFourier": 1,
  "PatientPosition": "HFS",
  "PercentPhaseFOV": 90.625,
  "PhaseEncodingSteps": 174,
  "PhaseResolution": 1,
  "PixelBandwidth": 120,
  "ProcedureStepDescription": "Research_16092_QTAB",
  "ProtocolName": "t2_swi3d_tra_p2",
  "PulseSequenceDetails": "%SiemensSeq%_gre",
  "ReceiveCoilActiveElements": "HC1-7;NC1,2",
  "ReceiveCoilName": "HeadNeck_64",
  "ReconMatrixPE": 174,
  "RefLinesPE": 24,
  "RepetitionTime": 0.027,
  "SAR": 0.0116374,
  "ScanningSequence": "GR",
  "SequenceName": "_swi3d1r",
  "SequenceVariant": "SP",
  "SeriesDescription": "Pha_Images",
  "SeriesNumber": 36,
  "ShimSetting": [3035, -4158, -779, 571, -46, 17, 11, -9],
  "SliceThickness": 2,
  "SoftwareVersions": "syngo_MR_E11",
  "StationName": "mrc_Trio",
  "TxRefAmp": 218.807}