{
  "AcquisitionMatrixPE":  64,
  "AcquisitionNumber":  1,
  "AcquisitionTime":"14:40:47.712500",
  "BandwidthPerPixelPhaseEncode":  15.625,
  "BaseResolution":  64,
  "BodyPartExamined":"BRAIN",
  "ConsistencyInfo":"N4_VE11C_LATEST_20160120",
  "ConversionSoftware":"dcm2niix",
  "ConversionSoftwareVersion":"v1.0.20190410  GCC6.3.0",
  "DerivedVendorReportedEchoSpacing":  0.0005,
  "DeviceSerialNumber":"167001",
  "DwellTime":  3.4e-06,
  "EchoTime":  0.013,
  "EchoTrainLength":  48,
  "EffectiveEchoSpacing":  0.0005,
  "FlipAngle":  90,
  "ImageOrientationPatientDICOM":[
    0.997208,
    0.0739799,
    -0.0101825,
    -0.0732303,
    0.995464,
    0.060737
  ],
  "ImageType":[
"ORIGINAL",
"PRIMARY",
"M",
"ND",
"MOSAIC"
  ],
  "ImagingFrequency":  123.229,
  "InPlanePhaseEncodingDirectionDICOM":"COL",
  "InstitutionAddress":"Cooper_60_St._Lucia_QLD_AU_4072",
  "InstitutionName":"St_Lucia_Campus",
  "InstitutionalDepartmentName":"Gehrmann_Labs_MRI",
  "Interpolation2D":  1,
  "MRAcquisitionType":"2D",
  "MagneticFieldStrength":  3,
  "Manufacturer":"Siemens",
  "ManufacturersModelName":"Prisma_fit",
  "Modality":"MR",
  "PartialFourier":  0.75,
  "PatientPosition":"HFS",
  "PercentPhaseFOV":  100,
  "PhaseEncodingDirection":"j-",
  "PhaseEncodingSteps":  48,
  "PhaseResolution":  1,
  "PixelBandwidth":  2300,
  "ProcedureStepDescription":"Research_16092_QTAB",
  "ProtocolName":"ep2d_bold_M0_FOR_VE11C",
  "PulseSequenceDetails":"%SiemensSeq%_ep2d_bold",
  "ReceiveCoilActiveElements":"HC1-7",
  "ReceiveCoilName":"HeadNeck_64",
  "ReconMatrixPE":  128,
  "RepetitionTime":  8,
  "SAR":  0.0179739,
  "ScanOptions":"PFP_FS",
  "ScanningSequence":"EP",
  "SequenceName":"_epfid2d1_64",
  "SequenceVariant":"SK",
  "SeriesDescription":"ep2d_bold_M0_FOR_VE11C",
  "SeriesNumber":  23,
  "ShimSetting":[
    3044,
    -4177,
    -847,
    537,
    92,
    148,
    -2,
    57
  ],
  "SliceThickness":  4,
  "SliceTiming":[
    0,
    0.3325,
    0.665,
    0.9975,
    1.33,
    1.6625,
    1.995,
    2.3275,
    2.66,
    2.9925,
    3.325,
    3.6575,
    3.99,
    4.3225,
    4.655,
    4.9875,
    5.32,
    5.6525,
    5.985,
    6.3175,
    6.65,
    6.9825,
    7.315,
    7.6475
  ],
  "SoftwareVersions":"syngo_MR_E11",
  "SpacingBetweenSlices":  5,
  "StationName":"mrc_Trio",
  "TotalReadoutTime":  0.0635,
  "TxRefAmp":  212.735,
  "RepetitionTimePreparation":  8,
  "AcquisitionVoxelSize":[
    1.7,
    1.7,
    4
  ]
}
