{
  "AcquisitionMatrixPE":  64,
  "AcquisitionNumber":  1,
  "AcquisitionTime":"11:03:25.680000",
  "BandwidthPerPixelPhaseEncode":  15.625,
  "BaseResolution":  64,
  "BodyPartExamined":"BRAIN",
  "ConsistencyInfo":"N4_VE11C_LATEST_20160120",
  "ConversionSoftware":"dcm2niix",
  "ConversionSoftwareVersion":"v1.0.20190410  GCC6.3.0",
  "DerivedVendorReportedEchoSpacing":  0.0005,
  "DeviceSerialNumber":"167001",
  "DwellTime":  3.4e-06,
  "EchoTime":  0.013,
  "EchoTrainLength":  48,
  "EffectiveEchoSpacing":  0.0005,
  "FlipAngle":  90,
  "ImageOrientationPatientDICOM":[
    0.999139,
    -0.0221255,
    0.0350867,
    0.023197,
    0.999268,
    -0.0304325
  ],
  "ImageType":[
"ORIGINAL",
"PRIMARY",
"ASL",
"NONE",
"ND",
"NORM",
"MOSAIC"
  ],
  "ImagingFrequency":  123.229,
  "InPlanePhaseEncodingDirectionDICOM":"COL",
  "InstitutionAddress":"Cooper_60_St._Lucia_QLD_AU_4072",
  "InstitutionName":"St_Lucia_Campus",
  "InstitutionalDepartmentName":"Gehrmann_Labs_MRI",
  "Interpolation2D":  1,
  "MRAcquisitionType":"2D",
  "MagneticFieldStrength":  3,
  "Manufacturer":"Siemens",
  "ManufacturersModelName":"Prisma_fit",
  "Modality":"MR",
  "PartialFourier":  0.75,
  "PatientPosition":"HFS",
  "PercentPhaseFOV":  100,
  "PhaseEncodingDirection":"j-",
  "PhaseEncodingSteps":  48,
  "PhaseResolution":  1,
  "PixelBandwidth":  2300,
  "ProcedureStepDescription":"Research_16092_QTAB",
  "ProtocolName":"asl_M0",
  "PulseSequenceDetails":"%CustomerSeq%_ep2d_asl_873",
  "ReceiveCoilActiveElements":"HC1-6",
  "ReceiveCoilName":"HeadNeck_64",
  "ReconMatrixPE":  128,
  "RepetitionTime":  8,
  "SAR":  0.118436,
  "ScanOptions":"PFP_SAT1_FS",
  "ScanningSequence":"EP",
  "SequenceName":"ep873B2d1_64",
  "SequenceVariant":"SK",
  "SeriesDescription":"asl_M0",
  "SeriesNumber":  24,
  "ShimSetting":[
    3049,
    -4189,
    -737,
    522,
    5,
    5,
    93,
    17
  ],
  "SliceThickness":  4,
  "SliceTiming":[
    0,
    0.0425,
    0.085,
    0.13,
    0.1725,
    0.2175,
    0.26,
    0.305,
    0.3475,
    0.3925,
    0.435,
    0.48,
    0.5225,
    0.565,
    0.61,
    0.6525,
    0.6975,
    0.74,
    0.785,
    0.8275,
    0.8725,
    0.915,
    0.9575,
    1.0025
  ],
  "SoftwareVersions":"syngo_MR_E11",
  "SpacingBetweenSlices":  5,
  "StationName":"mrc_Trio",
  "TotalReadoutTime":  0.0635,
  "TxRefAmp":  215.61,
  "WipMemBlock":"WIP873B_Adv2DASL_VE11C_V4.3: Advanced 2D ASL, PCASL/FAIR-QII-FBIRN w/ Phsyiologging - V4.3 (Thu Nov 17 08:45:55 2016)",
  "RepetitionTimePreparation":  8,
  "AcquisitionVoxelSize":[
    1.7,
    1.7,
    4
  ]
}
