{
  "AcquisitionMatrixPE": 300,
  "AcquisitionNumber": 1,
  "AcquisitionTime": "11:29:2.140000",
  "BaseResolution": 320,
  "BodyPartExamined": "BRAIN",
  "CoilString": "HC1-7;NC1_2",
  "ConsistencyInfo": "N4_VE11C_LATEST_20160120",
  "ConversionSoftware": "dcm2niix",
  "ConversionSoftwareVersion": "v1.0.20190410  GCC6.3.0",
  "DeviceSerialNumber": "167001",
  "DwellTime": 6.6e-06,
  "EchoTime": 0.00303,
  "ImageOrientationPatientDICOM": [-0.0526267, 0.994825, 0.0869066, -0.0462761, 0.0845042, -0.995348],
  "ImageType": [
    "DERIVED",
    "PRIMARY",
    "M",
    "UNI",
    "DIS3D",
    "DIS2D"
],
  "ImagingFrequency": 123.229,
  "InPlanePhaseEncodingDirectionDICOM": "ROW",
  "InstitutionAddress": "Cooper_60_St._Lucia_QLD_AU_4072",
  "InstitutionName": "St_Lucia_Campus",
  "InstitutionalDepartmentName": "Gehrmann_Labs_MRI",
  "MRAcquisitionType": "3D",
  "MagneticFieldStrength": 3,
  "Manufacturer": "Siemens",
  "ManufacturersModelName": "Prisma_fit",
  "Modality": "MR",
  "PartialFourier": 0.75,
  "PatientPosition": "HFS",
  "PercentPhaseFOV": 93.75,
  "PhaseEncodingSteps": 226,
  "PhaseResolution": 1,
  "PixelBandwidth": 235,
  "ProcedureStepDescription": "Research_16092_QTAB",
  "ProtocolName": "MP2RAGE_wip925B_VE11C-0p8mm",
  "PulseSequenceDetails": "%CustomerSeq%_cstfl_wip925b",
  "RawImage": false,
  "ReceiveCoilActiveElements": "HC1-7;NC1,2",
  "ReceiveCoilName": "HeadNeck_64",
  "ReconMatrixPE": 300,
  "RefLinesPE": 24,
  "RepetitionTime": 4,
  "SAR": 0.0333791,
  "ScanOptions": "IR_PFP",
  "ScanningSequence": "GR_IR",
  "SequenceName": "WIP_cmp3d1_16ns",
  "SequenceVariant": "SK_SP_MP",
  "SeriesDescription": "MP2RAGE_wip925B_VE11C-0p8mm_UNI_Images",
  "SeriesNumber": 34,
  "ShimSetting": [3015, -4239, -852, -80, 13, -176, 14, -10],
  "SliceThickness": 0.8,
  "SoftwareVersions": "syngo_MR_E11",
  "StationName": "mrc_Trio",
  "TxRefAmp": 213.026,
  "WipMemBlock": "WIP_Identifier: WIP#925B"
}