{
  "AcquisitionMatrixPE": 300,
  "AcquisitionNumber": 1,
  "AcquisitionTime": "10:57:33.967500",
  "BaseResolution": 320,
  "BodyPartExamined": "BRAIN",
  "CoilString": "HC1-7;NC1_2",
  "ConsistencyInfo": "N4_VE11C_LATEST_20160120",
  "ConversionSoftware": "dcm2niix",
  "ConversionSoftwareVersion": "v1.0.20190410  GCC6.3.0",
  "DeviceSerialNumber": "167001",
  "DiffusionScheme": "Bipolar",
  "DwellTime": 6.5e-06,
  "EchoTime": 0.00299,
  "FlipAngle": 7,
  "ImageComments": "Denoising_strength:_100_risk0:_-nan_edge_enhancement_3",
  "ImageOrientationPatientDICOM": [0.0623725, 0.997508, 0.032978, -0.0107144, 0.0337097, -0.999374],
  "ImageType": [
    "ORIGINAL",
    "PRIMARY",
    "M",
    "NORM",
    "DIS3D",
    "DIS2D",
    "IT",
    "FIL"
],
  "ImagingFrequency": 123.229,
  "InPlanePhaseEncodingDirectionDICOM": "ROW",
  "InstitutionAddress": "Cooper_60_St._Lucia_QLD_AU_4072",
  "InstitutionName": "St_Lucia_Campus",
  "InstitutionalDepartmentName": "Gehrmann_Labs_MRI",
  "InversionTime": 2.22,
  "MRAcquisitionType": "3D",
  "MagneticFieldStrength": 3,
  "Manufacturer": "Siemens",
  "ManufacturersModelName": "Prisma_fit",
  "Modality": "MR",
  "PartialFourier": 0.75,
  "PatientPosition": "HFS",
  "PercentPhaseFOV": 93.75,
  "PhaseEncodingSteps": 226,
  "PhaseResolution": 1,
  "PixelBandwidth": 240,
  "ProcedureStepDescription": "Research_16092_QTAB",
  "ProtocolName": "MP2RAGE_wip900D_VE11C",
  "PulseSequenceDetails": "%CustomerSeq%_tfl_wip900D_VE11C",
  "ReceiveCoilActiveElements": "HC1-7;NC1,2",
  "ReceiveCoilName": "HeadNeck_64",
  "ReconMatrixPE": 300,
  "RefLinesPE": 24,
  "RepetitionTime": 4,
  "SAR": 0.0750369,
  "ScanOptions": "IR_PFP",
  "ScanningSequence": "GR_IR",
  "SequenceName": "tfl3d1_16ns",
  "SequenceVariant": "SK_SP_MP",
  "SeriesDescription": "MP2RAGE_wip900D_VE11C_INV2",
  "SeriesNumber": 6,
  "ShimSetting": [3024, -4207, -864, -15, 20, -113, 54, 23],
  "SliceThickness": 0.8,
  "SoftwareVersions": "syngo_MR_E11",
  "StationName": "mrc_Trio",
  "TxRefAmp": 208.795,
  "WipMemBlock": "WIP_Identifier: WIP#900D"
}