{
	"Modality": "MR",
	"MagneticFieldStrength": 3,
	"ImagingFrequency": 123.229,
	"Manufacturer": "Siemens",
	"ManufacturersModelName": "Prisma_fit",
	"InstitutionName": "St_Lucia_Campus",
	"InstitutionalDepartmentName": "Gehrmann_Labs_MRI",
	"InstitutionAddress": "Cooper_60_St._Lucia_QLD_AU_4072",
	"DeviceSerialNumber": "167001",
	"StationName": "mrc_Trio",
	"BodyPartExamined": "BRAIN",
	"PatientPosition": "HFS",
	"ProcedureStepDescription": "Research_16092_QTAB",
	"SoftwareVersions": "syngo_MR_E11",
	"MRAcquisitionType": "3D",
	"SeriesDescription": "Mag_Images",
	"ProtocolName": "t2_swi3d_tra_p2",
	"ScanningSequence": "GR",
	"SequenceVariant": "SP",
	"SequenceName": "_swi3d1r",
	"ImageType": ["ORIGINAL", "PRIMARY", "M", "ND", "NORM"],
	"SeriesNumber": 29,
	"AcquisitionTime": "16:21:48.882500",
	"AcquisitionNumber": 1,
	"SliceThickness": 2,
	"SAR": 0.0156808,
	"EchoTime": 0.02,
	"RepetitionTime": 0.027,
	"FlipAngle": 15,
	"PartialFourier": 1,
	"BaseResolution": 192,
	"ShimSetting": [
		3029,
		-4159,
		-721,
		462,
		-77,
		100,
		-84,
		22	],
	"TxRefAmp": 204.605,
	"PhaseResolution": 1,
	"ReceiveCoilName": "HeadNeck_64",
	"ReceiveCoilActiveElements": "HC1-7;NC1,2",
	"CoilString": "HC1-7;NC1_2",
	"PulseSequenceDetails": "%SiemensSeq%_gre",
	"RefLinesPE": 24,
	"ConsistencyInfo": "N4_VE11C_LATEST_20160120",
	"PercentPhaseFOV": 90.625,
	"PhaseEncodingSteps": 174,
	"AcquisitionMatrixPE": 174,
	"ReconMatrixPE": 174,
	"PixelBandwidth": 120,
	"DwellTime": 2.17e-05,
	"ImageOrientationPatientDICOM": [
		0.997066,
		0.0689554,
		-0.0332203,
		-0.0704212,
		0.996494,
		-0.0451829	],
	"InPlanePhaseEncodingDirectionDICOM": "ROW",
	"ConversionSoftware": "dcm2niix",
	"ConversionSoftwareVersion": "v1.0.20190410  Clang10.0.1"
}
