{
	"Manufacturer": "Siemens",
	"ManufacturersModelName": "Prisma_fit",
	"EchoTrainLength": 13,
	"AcquisitionNumber": 1,
	"InstitutionName": "St_Lucia_Campus",
	"InstitutionAddress": "Cooper_60_St._Lucia_QLD_AU_4072",
	"DeviceSerialNumber": "167001",
	"SoftwareVersions": "syngo_MR_E11",
	"ProcedureStepDescription": "Research_16092_QTAB",
	"ScanningSequence": "SE",
	"SequenceVariant": "SK_SP_OSP",
	"SeriesDescription": "t2_tse_cor_0.5X0.5X1mm",
	"BodyPartExamined": "BRAIN",
	"ProtocolName": "t2_tse_cor_0.5X0.5X1mm",
	"SequenceName": "_tse2d1_13",
	"ImageType": ["ORIGINAL", "PRIMARY", "M", "ND"],
	"AcquisitionTime": "13:12:14.537500",
	"MagneticFieldStrength": 3,
	"FlipAngle": 150,
	"EchoTime": 0.067,
	"RepetitionTime": 8.46,
	"PhaseEncodingLines": 384,
	"PhaseEncodingDirection": "i-",
	"ConversionSoftware": "dcm2niix",
	"ConversionSoftwareVersion": "v1.0.20170724 (OpenJPEG build) GCC6.1.0"
}
